GEM
  specs:
  	gem 'google_drive'
	gem 'json'
	gem 'sinatra'
PLATFORMS
  ruby

DEPENDENCIES

BUNDLED WITH
   1.12.5
